PATH
  remote: .
  specs:
    facebook_topics (1.0.0)
      hashie (~> 3.4)
      httparty (~> 0.13)
      rainbow (~> 2.0)

GEM
  remote: https://rubygems.org/
  specs:
    hashie (3.4.1)
    httparty (0.13.3)
      json (~> 1.8)
      multi_xml (>= 0.5.2)
    json (1.8.2)
    multi_xml (0.5.5)
    rainbow (2.0.0)
    wirble (0.1.3)

PLATFORMS
  ruby

DEPENDENCIES
  facebook_topics!
  hashie
  httparty
  rainbow
  wirble
